PATH
  remote: .
  specs:
    lorca-ruby (0.1.0)
      ffi

GEM
  remote: https://rubygems.org/
  specs:
    ffi (1.14.2-x64-mingw32)
    minitest (5.14.3)
    rake (12.3.3)

PLATFORMS
  x64-mingw32

DEPENDENCIES
  lorca-ruby!
  minitest (~> 5.0)
  rake (~> 12.0)

BUNDLED WITH
   2.1.4
